PATH
  remote: .
  specs:
    hirefire-resource (0.10.1)

GEM
  remote: https://rubygems.org/
  specs:
    ast (2.4.2)
    json (2.6.2)
    parallel (1.22.1)
    parser (3.1.2.1)
      ast (~> 2.4.1)
    rainbow (3.1.1)
    rake (13.0.6)
    regexp_parser (2.6.0)
    rexml (3.2.5)
    rubocop (1.35.1)
      json (~> 2.3)
      parallel (~> 1.10)
      parser (>= 3.1.2.1)
      rainbow (>= 2.2.2, < 4.0)
      regexp_parser (>= 1.8, < 3.0)
      rexml (>= 3.2.5, < 4.0)
      rubocop-ast (>= 1.20.1, < 2.0)
      ruby-progressbar (~> 1.7)
      unicode-display_width (>= 1.4.0, < 3.0)
    rubocop-ast (1.22.0)
      parser (>= 3.1.1.0)
    rubocop-performance (1.14.3)
      rubocop (>= 1.7.0, < 2.0)
      rubocop-ast (>= 0.4.0)
    ruby-progressbar (1.11.0)
    standard (1.16.1)
      rubocop (= 1.35.1)
      rubocop-performance (= 1.14.3)
    standardrb (1.0.1)
      standard
    unicode-display_width (2.3.0)

PLATFORMS
  arm64-darwin-21
  x86_64-darwin-20
  x86_64-linux

DEPENDENCIES
  hirefire-resource!
  rake
  standardrb

BUNDLED WITH
   2.2.24
